PATH
  remote: vendor/contacts
  specs:
    contacts (1.2.0)
      gdata (>= 1.1.1)
      json (>= 1.1.1)

PATH
  remote: vendor/ezcrypto
  specs:
    ezcrypto (0.0.0)

PATH
  remote: vendor/gdata
  specs:
    gdata (1.1.1)

PATH
  remote: vendor/plugins/access_control
  specs:
    access_control (0.0.0)

PATH
  remote: vendor/plugins/action_tracker
  specs:
    action_tracker (0.0.1)

PATH
  remote: vendor/plugins/action_tracker_has_comments
  specs:
    action_tracker_has_comments (0.0.0)

PATH
  remote: vendor/plugins/acts_as_list
  specs:
    acts_as_list (0.0.0)

PATH
  remote: vendor/plugins/acts_as_tree
  specs:
    acts_as_tree (0.0.0)

PATH
  remote: vendor/plugins/acts_as_versioned
  specs:
    acts_as_versioned (3.2.1)
      activerecord

PATH
  remote: vendor/plugins/honeypot
  specs:
    honeypot (0.0.0)

PATH
  remote: vendor/plugins/i18n_deprecation
  specs:
    i18n_deprecation (0.0.0)

PATH
  remote: vendor/plugins/kandadaboggu-vote_fu
  specs:
    kandadaboggu-vote_fu (0.0.15)

PATH
  remote: vendor/plugins/monkey_patches
  specs:
    monkey_patches (0.0.0)

PATH
  remote: vendor/plugins/noosfero_caching
  specs:
    noosfero_caching (0.0.0)

PATH
  remote: vendor/plugins/rails_rcov
  specs:
    rails_rcov (0.0.0)

PATH
  remote: vendor/plugins/recaptcha
  specs:
    recaptcha (0.3.2)
      i18n

PATH
  remote: vendor/plugins/ruby_bosh
  specs:
    ruby_bosh (0.5.4)
      builder
      rest-client

PATH
  remote: vendor/plugins/validates_as_cnpj
  specs:
    validates_as_cnpj (0.0.0)

PATH
  remote: vendor/plugins/validates_multiparameter_assignments
  specs:
    validates_multiparameter_assignments (0.0.0)

PATH
  remote: vendor/plugins/xss_terminate
  specs:
    xss_terminate (0.0.0)

GEM
  remote: https://rubygems.org/
  specs:
    RedCloth (4.2.9)
    actionmailer (4.2.5.1)
      actionpack (= 4.2.5.1)
      actionview (= 4.2.5.1)
      activejob (= 4.2.5.1)
      mail (~> 2.5, >= 2.5.4)
      rails-dom-testing (~> 1.0, >= 1.0.5)
    actionpack (4.2.5.1)
      actionview (= 4.2.5.1)
      activesupport (= 4.2.5.1)
      rack (~> 1.6)
      rack-test (~> 0.6.2)
      rails-dom-testing (~> 1.0, >= 1.0.5)
      rails-html-sanitizer (~> 1.0, >= 1.0.2)
    actionpack-action_caching (1.1.1)
      actionpack (>= 4.0.0, < 5.0)
    actionpack-page_caching (1.0.2)
      actionpack (>= 4.0.0, < 5)
    actionview (4.2.5.1)
      activesupport (= 4.2.5.1)
      builder (~> 3.1)
      erubis (~> 2.7.0)
      rails-dom-testing (~> 1.0, >= 1.0.5)
      rails-html-sanitizer (~> 1.0, >= 1.0.2)
    activejob (4.2.5.1)
      activesupport (= 4.2.5.1)
      globalid (>= 0.3.0)
    activemodel (4.2.5.1)
      activesupport (= 4.2.5.1)
      builder (~> 3.1)
    activerecord (4.2.5.1)
      activemodel (= 4.2.5.1)
      activesupport (= 4.2.5.1)
      arel (~> 6.0)
    activerecord-deprecated_finders (1.0.4)
    activerecord-session_store (0.1.2)
      actionpack (>= 4.0.0, < 5)
      activerecord (>= 4.0.0, < 5)
      railties (>= 4.0.0, < 5)
    activeresource (4.0.0)
      activemodel (~> 4.0)
      activesupport (~> 4.0)
      rails-observers (~> 0.1.1)
    activesupport (4.2.5.1)
      i18n (~> 0.7)
      json (~> 1.7, >= 1.7.7)
      minitest (~> 5.1)
      thread_safe (~> 0.3, >= 0.3.4)
      tzinfo (~> 1.1)
    acts-as-taggable-on (3.5.0)
      activerecord (>= 3.2, < 5)
    addressable (2.4.0)
    ambry (0.3.1)
    ansi (1.5.0)
    api-pagination (4.1.1)
    arel (6.0.3)
    axiom-types (0.1.1)
      descendants_tracker (~> 0.0.4)
      ice_nine (~> 0.11.0)
      thread_safe (~> 0.3, >= 0.3.1)
    buftok (0.2.0)
    builder (3.2.2)
    capybara (2.6.2)
      addressable
      mime-types (>= 1.16)
      nokogiri (>= 1.3.3)
      rack (>= 1.0.0)
      rack-test (>= 0.5.4)
      xpath (~> 2.0)
    childprocess (0.5.9)
      ffi (~> 1.0, >= 1.0.11)
    chronic (0.10.2)
    coercible (1.0.0)
      descendants_tracker (~> 0.0.1)
    concurrent-ruby (1.0.0)
    crack (0.4.3)
      safe_yaml (~> 1.0.0)
    cucumber (2.3.2)
      builder (>= 2.1.2)
      cucumber-core (~> 1.4.0)
      cucumber-wire (~> 0.0.1)
      diff-lcs (>= 1.1.3)
      gherkin (~> 3.2.0)
      multi_json (>= 1.7.5, < 2.0)
      multi_test (>= 0.1.2)
    cucumber-core (1.4.0)
      gherkin (~> 3.2.0)
    cucumber-rails (1.4.3)
      capybara (>= 1.1.2, < 3)
      cucumber (>= 1.3.8, < 3)
      mime-types (>= 1.16, < 4)
      nokogiri (~> 1.5)
      railties (>= 3, < 5)
    cucumber-wire (0.0.1)
    daemons (1.2.3)
    dalli (2.7.5)
    database_cleaner (1.5.1)
    delayed_job (4.1.1)
      activesupport (>= 3.0, < 5.0)
    delayed_job_active_record (4.1.0)
      activerecord (>= 3.0, < 5)
      delayed_job (>= 3.0, < 5)
    descendants_tracker (0.0.4)
      thread_safe (~> 0.3, >= 0.3.1)
    diff-lcs (1.2.5)
    diffy (3.1.0)
    domain_name (0.5.20160128)
      unf (>= 0.0.5, < 1.0.0)
    doorkeeper (1.4.2)
      railties (>= 3.1)
    eita-jrails (0.10.0)
      actionpack (>= 3.1.0)
      activesupport (>= 3.0.0)
    equalizer (0.0.11)
    erubis (2.7.0)
    exception_notification (4.0.1)
      actionmailer (>= 3.0.4)
      activesupport (>= 3.0.4)
    execjs (2.6.0)
    faraday (0.9.2)
      multipart-post (>= 1.2, < 3)
    fast_gettext (0.9.2)
    ffi (1.9.10)
    gettext (3.2.1)
      locale (>= 2.0.5)
      text (>= 1.3.0)
    gherkin (3.2.0)
    git-version-bump (0.15.1)
    globalid (0.3.6)
      activesupport (>= 4.1.0)
    grape (0.14.0)
      activesupport
      builder
      hashie (>= 2.1.0)
      multi_json (>= 1.3.2)
      multi_xml (>= 0.5.2)
      rack (>= 1.3.0)
      rack-accept
      rack-mount
      virtus (>= 1.0.0)
    grape-entity (0.4.8)
      activesupport
      multi_json (>= 1.3.2)
    grape-swagger (0.10.4)
      grape (>= 0.8.0)
      grape-entity (< 0.5.0)
    grape_logging (1.1.2)
      grape
    hashdiff (0.2.3)
    hashie (3.4.3)
    http (0.5.1)
      http_parser.rb
    http-cookie (1.0.2)
      domain_name (~> 0.5)
    http_parser.rb (0.6.0)
    i18n (0.7.0)
    ice_nine (0.11.2)
    json (1.8.3)
    jwt (1.5.1)
    kgio (2.10.0)
    kramdown (1.9.0)
    launchy (2.4.3)
      addressable (~> 2.3)
    liquid (3.0.6)
    locale (2.1.2)
    loofah (2.0.3)
      nokogiri (>= 1.5.9)
    magic (0.2.9)
      ffi (>= 0.6.3)
    mail (2.6.3)
      mime-types (>= 1.16, < 3)
    memoizable (0.4.2)
      thread_safe (~> 0.3, >= 0.3.1)
    merit (2.3.2)
      ambry (~> 0.3.0)
    metaclass (0.0.4)
    mime-types (2.99)
    mini_portile2 (2.0.0)
    minitest (5.8.4)
    minitest-reporters (1.1.7)
      ansi
      builder
      minitest (>= 5.0)
      ruby-progressbar
    mocha (1.1.0)
      metaclass (~> 0.0.1)
    multi_json (1.11.2)
    multi_test (0.1.2)
    multi_xml (0.5.5)
    multipart-post (2.0.0)
    naught (1.1.0)
    net-ldap (0.12.1)
    netrc (0.11.0)
    nokogiri (1.6.7.2)
      mini_portile2 (~> 2.0.0.rc2)
    oauth2 (1.1.0)
      faraday (>= 0.8, < 0.10)
      jwt (~> 1.0, < 1.5.2)
      multi_json (~> 1.3)
      multi_xml (~> 0.5)
      rack (>= 1.2, < 3)
    omniauth (1.2.2)
      hashie (>= 1.2, < 4)
      rack (~> 1.0)
    omniauth-facebook (2.0.1)
      omniauth-oauth2 (~> 1.2)
    omniauth-google-oauth2 (0.2.10)
      addressable (~> 2.3)
      jwt (~> 1.0)
      multi_json (~> 1.3)
      omniauth (>= 1.1.1)
      omniauth-oauth2 (~> 1.3.1)
    omniauth-oauth2 (1.3.1)
      oauth2 (~> 1.0)
      omniauth (~> 1.2)
    pg (0.18.4)
    pothoven-attachment_fu (3.2.16)
    power_assert (0.2.7)
    protected_attributes (1.1.3)
      activemodel (>= 4.0.1, < 5.0)
    proxifier (1.0.3)
    rack (1.6.4)
    rack-accept (0.4.5)
      rack (>= 0.4)
    rack-contrib (1.4.0)
      git-version-bump (~> 0.15)
      rack (~> 1.4)
    rack-cors (0.4.0)
    rack-mount (0.8.3)
      rack (>= 1.0.0)
    rack-test (0.6.3)
      rack (>= 1.0)
    rails (4.2.5.1)
      actionmailer (= 4.2.5.1)
      actionpack (= 4.2.5.1)
      actionview (= 4.2.5.1)
      activejob (= 4.2.5.1)
      activemodel (= 4.2.5.1)
      activerecord (= 4.2.5.1)
      activesupport (= 4.2.5.1)
      bundler (>= 1.3.0, < 2.0)
      railties (= 4.2.5.1)
      sprockets-rails
    rails-deprecated_sanitizer (1.0.3)
      activesupport (>= 4.2.0.alpha)
    rails-dom-testing (1.0.7)
      activesupport (>= 4.2.0.beta, < 5.0)
      nokogiri (~> 1.6.0)
      rails-deprecated_sanitizer (>= 1.0.1)
    rails-html-sanitizer (1.0.3)
      loofah (~> 2.0)
    rails-observers (0.1.2)
      activemodel (~> 4.0)
    rails_autolink (1.1.6)
      rails (> 3.1)
    railties (4.2.5.1)
      actionpack (= 4.2.5.1)
      activesupport (= 4.2.5.1)
      rake (>= 0.8.7)
      thor (>= 0.18.1, < 2.0)
    raindrops (0.15.0)
    rake (10.5.0)
    responders (2.1.1)
      railties (>= 4.2.0, < 5.1)
    rest-client (1.8.0)
      http-cookie (>= 1.0.2, < 2.0)
      mime-types (>= 1.16, < 3.0)
      netrc (~> 0.7)
    rmagick (2.15.4)
    rspec (3.4.0)
      rspec-core (~> 3.4.0)
      rspec-expectations (~> 3.4.0)
      rspec-mocks (~> 3.4.0)
    rspec-core (3.4.2)
      rspec-support (~> 3.4.0)
    rspec-expectations (3.4.0)
      diff-lcs (>= 1.2.0, < 2.0)
      rspec-support (~> 3.4.0)
    rspec-mocks (3.4.1)
      diff-lcs (>= 1.2.0, < 2.0)
      rspec-support (~> 3.4.0)
    rspec-rails (3.4.2)
      actionpack (>= 3.0, < 4.3)
      activesupport (>= 3.0, < 4.3)
      railties (>= 3.0, < 4.3)
      rspec-core (~> 3.4.0)
      rspec-expectations (~> 3.4.0)
      rspec-mocks (~> 3.4.0)
      rspec-support (~> 3.4.0)
    rspec-support (3.4.1)
    ruby-feedparser (0.9.3)
      magic
    ruby-progressbar (1.7.5)
    rubyzip (1.1.7)
    safe_yaml (1.0.4)
    sass (3.4.21)
    sass-rails (5.0.4)
      railties (>= 4.0.0, < 5.0)
      sass (~> 3.1)
      sprockets (>= 2.8, < 4.0)
      sprockets-rails (>= 2.0, < 4.0)
      tilt (>= 1.1, < 3)
    selenium-webdriver (2.50.0)
      childprocess (~> 0.5)
      multi_json (~> 1.0)
      rubyzip (~> 1.0)
      websocket (~> 1.0)
    simple_oauth (0.2.0)
    slim (3.0.6)
      temple (~> 0.7.3)
      tilt (>= 1.3.3, < 2.1)
    spring (1.6.2)
    sprockets (3.5.2)
      concurrent-ruby (~> 1.0)
      rack (> 1, < 3)
    sprockets-rails (2.3.3)
      actionpack (>= 3.0)
      activesupport (>= 3.0)
      sprockets (>= 2.8, < 4.0)
    swagger-ui_rails (0.1.7)
    temple (0.7.6)
    test-unit (3.1.7)
      power_assert
    text (1.3.1)
    thor (0.19.1)
    thread_safe (0.3.5)
    tilt (2.0.2)
    twitter (5.8.0)
      addressable (~> 2.3)
      buftok (~> 0.2.0)
      equalizer (~> 0.0.9)
      faraday (~> 0.9.0)
      http (~> 0.5.0)
      http_parser.rb (~> 0.6.0)
      json (~> 1.8)
      memoizable (~> 0.4.0)
      naught (~> 1.0)
      simple_oauth (~> 0.2.0)
    tzinfo (1.2.2)
      thread_safe (~> 0.1)
    uglifier (2.7.2)
      execjs (>= 0.3.0)
      json (>= 1.8.0)
    unf (0.1.4)
      unf_ext
    unf_ext (0.0.7.1)
    unicorn (4.9.0)
      kgio (~> 2.6)
      rack
      raindrops (~> 0.7)
    vcr (3.0.1)
    virtus (1.0.5)
      axiom-types (~> 0.1)
      coercible (~> 1.0)
      descendants_tracker (~> 0.0, >= 0.0.3)
      equalizer (~> 0.0, >= 0.0.9)
    webmock (1.22.6)
      addressable (>= 2.3.6)
      crack (>= 0.3.2)
      hashdiff
    websocket (1.2.2)
    whenever (0.9.4)
      chronic (>= 0.6.3)
    will_paginate (3.0.7)
    xpath (2.0.0)
      nokogiri (~> 1.3)

PLATFORMS
  ruby

DEPENDENCIES
  RedCloth (~> 4.2)
  access_control (= 0.0.0)!
  action_tracker (> 0.0.0)!
  action_tracker_has_comments (= 0.0.0)!
  actionpack-action_caching
  actionpack-page_caching
  activerecord-deprecated_finders
  activerecord-jdbcpostgresql-adapter
  activerecord-session_store
  activeresource
  acts-as-taggable-on (~> 3.5)
  acts_as_list (= 0.0.0)!
  acts_as_tree (= 0.0.0)!
  acts_as_versioned (> 0.0.0)!
  api-pagination (~> 4.1.1)
  capybara (~> 2.2)
  contacts (> 0.0.0)!
  cucumber
  cucumber-rails (~> 1.4.2)
  daemons (~> 1.1)
  dalli (~> 2.7.0)
  database_cleaner (~> 1.3)
  delayed_job
  delayed_job_active_record
  diffy (~> 3.0)
  doorkeeper (~> 1.4.0)
  eita-jrails (~> 0.10.0)
  exception_notification (~> 4.0.1)
  ezcrypto (= 0.0.0)!
  fast_gettext (~> 0.9)
  gdata (> 0.0.0)!
  gettext (~> 3.1)
  grape (~> 0.12)
  grape-entity (= 0.4.8)
  grape-swagger
  grape_logging
  honeypot (= 0.0.0)!
  i18n_deprecation (= 0.0.0)!
  kandadaboggu-vote_fu (> 0.0.0)!
  kramdown
  launchy
  liquid (~> 3.0.3)
  locale (~> 2.1)
  magic (>= 0.2.8)
  merit (~> 2.3.1)
  minitest
  minitest-reporters
  mocha (~> 1.1.0)
  monkey_patches (= 0.0.0)!
  net-ldap (~> 0.12.1)
  nokogiri (~> 1.6.0)
  noosfero_caching (= 0.0.0)!
  omniauth (~> 1.2.2)
  omniauth-facebook (~> 2.0.0)
  omniauth-google-oauth2 (~> 0.2.6)
  omniauth-oauth2 (~> 1.3.1)
  pg (~> 0.17)
  pothoven-attachment_fu (~> 3.2.16)
  protected_attributes
  proxifier (~> 1.0.3)
  rack-contrib
  rack-cors
  rails (~> 4.2.4)
  rails-observers
  rails_autolink (~> 1.1.5)
  rails_rcov (= 0.0.0)!
  rake
  recaptcha (> 0.0.0)!
  responders (~> 2.0)
  rest-client (~> 1.6)
  rmagick (~> 2.13)
  rmagick4j
  rspec (~> 3.3)
  rspec-rails (~> 3.2)
  ruby-feedparser (~> 0.7)
  ruby_bosh (> 0.0.0)!
  sass-rails
  selenium-webdriver
  slim
  spring
  sprockets-rails (~> 2.1)
  swagger-ui_rails
  test-unit
  twitter (~> 5.8.0)
  uglifier (>= 1.0.3)
  unicorn (~> 4.8)
  validates_as_cnpj (= 0.0.0)!
  validates_multiparameter_assignments (= 0.0.0)!
  vcr
  webmock
  whenever
  will_paginate (~> 3.0.7)
  xss_terminate (= 0.0.0)!
